GEM
  remote: https://rubygems.org/
  specs:
    concurrent-ruby (1.0.1)
    functional-ruby (1.3.0)
    hamster (3.0.0)
      concurrent-ruby (~> 1.0)

PLATFORMS
  ruby

DEPENDENCIES
  concurrent-ruby (~> 1.0.1)
  functional-ruby (~> 1.3.0)
  hamster (~> 3.0.0)

BUNDLED WITH
   1.11.2
